GEM
  remote: https://rubygems.org/
  specs:
    ansi (1.5.0)
    ast (2.4.3)
    oga (3.4)
      ast
      ruby-ll (~> 2.1)
    rexml (3.4.1)
    rss (0.3.1)
      rexml
    ruby-ll (2.1.3)
      ansi
      ast

PLATFORMS
  ruby

DEPENDENCIES
  oga
  rss

RUBY VERSION
   ruby 3.1.4p223

BUNDLED WITH
   2.4.22
